STORAGE: NONE
RESTRICTION: == net7.0
NUGET
  remote: https://api.nuget.org/v3/index.json
    Argu (6.1.1)
      FSharp.Core (>= 4.3.2)
      System.Configuration.ConfigurationManager (>= 4.4)
    Expecto (9.0.4)
      FSharp.Core (>= 4.6)
      Mono.Cecil (>= 0.11.3)
    Expecto.FsCheck (9.0.4)
      Expecto (>= 9.0.4)
      FsCheck (>= 2.14.3)
    Fable.Core (4.0)
    FsCheck (2.16.5)
      FSharp.Core (>= 4.2.3)
    FSharp.Control.AsyncSeq (3.2.1)
      FSharp.Core (>= 4.7.2)
      Microsoft.Bcl.AsyncInterfaces (>= 5.0)
    FSharp.Core (7.0.400-beta.23251.2)
    Microsoft.Bcl.AsyncInterfaces (7.0)
    Microsoft.Win32.SystemEvents (7.0)
    Mono.Cecil (0.11.5)
    Serilog (2.12)
    Serilog.Sinks.SpectreConsole (0.3.3)
      FSharp.Core (>= 6.0.5)
      Serilog (>= 2.10)
      Spectre.Console (>= 0.45)
    Spectre.Console (0.46)
      System.Memory (>= 4.5.5)
    System.Configuration.ConfigurationManager (7.0)
      System.Diagnostics.EventLog (>= 7.0)
      System.Security.Cryptography.ProtectedData (>= 7.0)
      System.Security.Permissions (>= 7.0)
    System.Diagnostics.EventLog (7.0)
    System.Drawing.Common (7.0)
      Microsoft.Win32.SystemEvents (>= 7.0)
    System.Memory (4.5.5)
    System.Reactive (6.0.0-preview.16)
    System.Reactive.Linq (6.0.0-preview.16)
      System.Reactive (>= 6.0.0-preview.16)
      System.Threading.Tasks.Extensions (>= 4.5.4)
    System.Security.Cryptography.ProtectedData (7.0.1)
    System.Security.Permissions (7.0)
      System.Windows.Extensions (>= 7.0)
    System.Threading.Tasks.Extensions (4.5.4)
    System.Windows.Extensions (7.0)
      System.Drawing.Common (>= 7.0)
