STORAGE: NONE
RESTRICTION: == net9.0
NUGET
  remote: https://api.nuget.org/v3/index.json
    Argu (6.2.4)
      FSharp.Core (>= 6.0.7)
      System.Configuration.ConfigurationManager (>= 4.4)
    Expecto (11.0.0-alpha8)
      FSharp.Core (>= 7.0.200)
      Mono.Cecil (>= 0.11.4 < 1.0)
    Expecto.FsCheck (11.0.0-alpha8)
      Expecto (>= 11.0.0-alpha8)
      FsCheck (>= 3.0.0-rc3)
    Fable.Core (4.3)
    Falco.Markup (1.1.1)
      FSharp.Core (>= 4.5.2)
    FParsec (2.0.0-beta2)
      FSharp.Core (>= 4.3.4)
    FsCheck (3.1)
      FSharp.Core (>= 5.0.2)
    FSharp.Control.AsyncSeq (3.2.1)
      FSharp.Core (>= 4.7.2)
      Microsoft.Bcl.AsyncInterfaces (>= 5.0)
    FSharp.Core (9.0.303)
    FSharp.Json (0.4.1)
      FSharp.Core (>= 4.6.2)
    FSharpx.Collections (3.1)
      FSharp.Core (>= 4.3.4)
    Hopac (0.5.1)
      FSharp.Core (>= 4.5.2)
    Microsoft.AspNetCore.App.Runtime.linux-x64 (9.0.3)
    Microsoft.AspNetCore.App.Runtime.win-x64 (9.0.3)
    Microsoft.AspNetCore.Connections.Abstractions (7.0)
      Microsoft.Extensions.Features (>= 7.0)
      System.IO.Pipelines (>= 7.0)
    Microsoft.AspNetCore.Http.Connections.Client (7.0)
      Microsoft.AspNetCore.Http.Connections.Common (>= 7.0)
      Microsoft.Extensions.Logging.Abstractions (>= 7.0)
      Microsoft.Extensions.Options (>= 7.0)
    Microsoft.AspNetCore.Http.Connections.Common (7.0)
      Microsoft.AspNetCore.Connections.Abstractions (>= 7.0)
    Microsoft.AspNetCore.SignalR.Client (7.0)
      Microsoft.AspNetCore.Http.Connections.Client (>= 7.0)
      Microsoft.AspNetCore.SignalR.Client.Core (>= 7.0)
    Microsoft.AspNetCore.SignalR.Client.Core (7.0)
      Microsoft.AspNetCore.SignalR.Common (>= 7.0)
      Microsoft.AspNetCore.SignalR.Protocols.Json (>= 7.0)
      Microsoft.Extensions.DependencyInjection (>= 7.0)
      Microsoft.Extensions.Logging (>= 7.0)
      System.Threading.Channels (>= 7.0)
    Microsoft.AspNetCore.SignalR.Common (7.0)
      Microsoft.AspNetCore.Connections.Abstractions (>= 7.0)
      Microsoft.Extensions.Options (>= 7.0)
    Microsoft.AspNetCore.SignalR.Protocols.Json (7.0)
      Microsoft.AspNetCore.SignalR.Common (>= 7.0)
    Microsoft.Bcl.AsyncInterfaces (9.0.10)
    Microsoft.Extensions.DependencyInjection (9.0.10)
      Microsoft.Extensions.DependencyInjection.Abstractions (>= 9.0.10)
    Microsoft.Extensions.DependencyInjection.Abstractions (9.0.10)
    Microsoft.Extensions.Features (7.0)
    Microsoft.Extensions.Logging (9.0.10)
      Microsoft.Extensions.DependencyInjection (>= 9.0.10)
      Microsoft.Extensions.Logging.Abstractions (>= 9.0.10)
      Microsoft.Extensions.Options (>= 9.0.10)
    Microsoft.Extensions.Logging.Abstractions (9.0.10)
      Microsoft.Extensions.DependencyInjection.Abstractions (>= 9.0.10)
    Microsoft.Extensions.Options (9.0.10)
      Microsoft.Extensions.DependencyInjection.Abstractions (>= 9.0.10)
      Microsoft.Extensions.Primitives (>= 9.0.10)
    Microsoft.Extensions.Primitives (9.0.10)
    Mono.Cecil (0.11.6)
    System.CodeDom (9.0.10)
    System.Configuration.ConfigurationManager (9.0.10)
      System.Diagnostics.EventLog (>= 9.0.10)
      System.Security.Cryptography.ProtectedData (>= 9.0.10)
    System.Diagnostics.EventLog (9.0.10)
    System.IO.Pipelines (9.0.10)
    System.Management (7.0)
      System.CodeDom (>= 7.0)
    System.Reactive (6.1)
    System.Reactive.Linq (6.0.2)
      System.Reactive (>= 6.0.2)
      System.Threading.Tasks.Extensions (>= 4.5.4)
    System.Security.Cryptography.ProtectedData (9.0.10)
    System.Threading.Channels (9.0.10)
    System.Threading.Tasks.Extensions (4.6.3)
