STORAGE: NONE
RESTRICTION: == net8.0
NUGET
  remote: https://api.nuget.org/v3/index.json
    AsyncIO (0.1.69)
    Expecto (10.1)
      FSharp.Core (>= 7.0.200)
      Mono.Cecil (>= 0.11.4 < 1.0)
    Expecto.FsCheck (10.1.0-fscheck3)
      Expecto (>= 10.1)
      FsCheck (>= 3.0.0-beta2)
    Fable.Core (4.0)
    FParsec (2.0.0-beta2)
      FSharp.Core (>= 4.3.4)
    FsCheck (3.0.0-rc1)
      FSharp.Core (>= 5.0.2)
    FSharp.Control.AsyncSeq (3.2.1)
      FSharp.Core (>= 4.7.2)
      Microsoft.Bcl.AsyncInterfaces (>= 5.0)
    FSharp.Core (8.0.100-beta.23327.15)
    Microsoft.Bcl.AsyncInterfaces (7.0)
    Microsoft.Extensions.ObjectPool (7.0.9)
    Mono.Cecil (0.11.5)
    NaCl.Net (0.1.13)
    NetMQ (4.0.1.12)
      AsyncIO (>= 0.1.69)
      NaCl.Net (>= 0.1.13)
      System.ServiceModel.Primitives (>= 4.9)
      System.ValueTuple (>= 4.5)
    System.Formats.Asn1 (7.0)
    System.Reactive (6.0.1-preview.1)
    System.Reactive.Linq (6.0.1-preview.1)
      System.Reactive (>= 6.0.1-preview.1)
      System.Threading.Tasks.Extensions (>= 4.5.4)
    System.Reflection.DispatchProxy (4.7.1)
    System.Security.Cryptography.Pkcs (7.0.3)
      System.Formats.Asn1 (>= 7.0)
    System.Security.Cryptography.Xml (7.0.1)
      System.Security.Cryptography.Pkcs (>= 7.0)
    System.ServiceModel.Primitives (6.0)
      Microsoft.Extensions.ObjectPool (>= 6.0.16)
      System.Reflection.DispatchProxy (>= 4.7.1)
      System.Security.Cryptography.Xml (>= 6.0.1)
    System.Threading.Tasks.Extensions (4.5.4)
    System.ValueTuple (4.5)
    Tomlyn (0.16.2)
