STORAGE: NONE
RESTRICTION: == net8.0
NUGET
  remote: https://api.nuget.org/v3/index.json
    Expecto (10.1)
      FSharp.Core (>= 7.0.200)
      Mono.Cecil (>= 0.11.4 < 1.0)
    Expecto.FsCheck (10.1.0-fscheck3)
      Expecto (>= 10.1)
      FsCheck (>= 3.0.0-beta2)
    Fable.Core (4.0)
    FsCheck (3.0.0-beta2)
      FSharp.Core (>= 4.5)
    FSharp.Control.AsyncSeq (3.2.1)
      FSharp.Core (>= 4.7.2)
      Microsoft.Bcl.AsyncInterfaces (>= 5.0)
    FSharp.Core (8.0.100-beta.23327.15)
    Microsoft.Bcl.AsyncInterfaces (7.0)
    Mono.Cecil (0.11.5)
    System.Reactive (6.0.1-preview.1)
    System.Reactive.Linq (6.0.1-preview.1)
      System.Reactive (>= 6.0.1-preview.1)
      System.Threading.Tasks.Extensions (>= 4.5.4)
    System.Threading.Tasks.Extensions (4.5.4)
