STORAGE: NONE
RESTRICTION: == net9.0
NUGET
  remote: https://api.nuget.org/v3/index.json
    Argu (6.2.2)
      FSharp.Core (>= 4.3.2)
      System.Configuration.ConfigurationManager (>= 4.4)
    Expecto (10.1)
      FSharp.Core (>= 7.0.200)
      Mono.Cecil (>= 0.11.4 < 1.0)
    Expecto.FsCheck (10.1.0-fscheck3)
      Expecto (>= 10.1)
      FsCheck (>= 3.0.0-beta2)
    Fable.Core (4.3)
    Falco.Markup (1.0.2)
      FSharp.Core (>= 4.5.2)
    FParsec (2.0.0-beta2)
      FSharp.Core (>= 4.3.4)
    FsCheck (3.0.0-rc3)
      FSharp.Core (>= 5.0.2)
    FSharp.Control.AsyncSeq (3.2.1)
      FSharp.Core (>= 4.7.2)
      Microsoft.Bcl.AsyncInterfaces (>= 5.0)
    FSharp.Core (8.0.300-beta.24154.4)
    FSharp.Json (0.4.1)
      FSharp.Core (>= 4.6.2)
    Microsoft.AspNetCore.Connections.Abstractions (7.0)
      Microsoft.Extensions.Features (>= 7.0)
      System.IO.Pipelines (>= 7.0)
    Microsoft.AspNetCore.Http.Connections.Client (7.0)
      Microsoft.AspNetCore.Http.Connections.Common (>= 7.0)
      Microsoft.Extensions.Logging.Abstractions (>= 7.0)
      Microsoft.Extensions.Options (>= 7.0)
    Microsoft.AspNetCore.Http.Connections.Common (7.0)
      Microsoft.AspNetCore.Connections.Abstractions (>= 7.0)
    Microsoft.AspNetCore.SignalR.Client (7.0)
      Microsoft.AspNetCore.Http.Connections.Client (>= 7.0)
      Microsoft.AspNetCore.SignalR.Client.Core (>= 7.0)
    Microsoft.AspNetCore.SignalR.Client.Core (7.0)
      Microsoft.AspNetCore.SignalR.Common (>= 7.0)
      Microsoft.AspNetCore.SignalR.Protocols.Json (>= 7.0)
      Microsoft.Extensions.DependencyInjection (>= 7.0)
      Microsoft.Extensions.Logging (>= 7.0)
      System.Threading.Channels (>= 7.0)
    Microsoft.AspNetCore.SignalR.Common (7.0)
      Microsoft.AspNetCore.Connections.Abstractions (>= 7.0)
      Microsoft.Extensions.Options (>= 7.0)
    Microsoft.AspNetCore.SignalR.Protocols.Json (7.0)
      Microsoft.AspNetCore.SignalR.Common (>= 7.0)
    Microsoft.Bcl.AsyncInterfaces (8.0)
    Microsoft.Extensions.DependencyInjection (8.0)
      Microsoft.Extensions.DependencyInjection.Abstractions (>= 8.0)
    Microsoft.Extensions.DependencyInjection.Abstractions (8.0.1)
    Microsoft.Extensions.Features (7.0)
    Microsoft.Extensions.Logging (8.0)
      Microsoft.Extensions.DependencyInjection (>= 8.0)
      Microsoft.Extensions.Logging.Abstractions (>= 8.0)
      Microsoft.Extensions.Options (>= 8.0)
    Microsoft.Extensions.Logging.Abstractions (8.0.1)
      Microsoft.Extensions.DependencyInjection.Abstractions (>= 8.0.1)
    Microsoft.Extensions.Options (8.0.2)
      Microsoft.Extensions.DependencyInjection.Abstractions (>= 8.0)
      Microsoft.Extensions.Primitives (>= 8.0)
    Microsoft.Extensions.Primitives (8.0)
    Mono.Cecil (0.11.5)
    System.CommandLine (2.0.0-beta4.22272.1)
    System.Configuration.ConfigurationManager (8.0)
      System.Diagnostics.EventLog (>= 8.0)
      System.Security.Cryptography.ProtectedData (>= 8.0)
    System.Diagnostics.EventLog (8.0)
    System.IO.Pipelines (8.0)
    System.Reactive (6.0.1-preview.1)
    System.Reactive.Linq (6.0.1-preview.1)
      System.Reactive (>= 6.0.1-preview.1)
      System.Threading.Tasks.Extensions (>= 4.5.4)
    System.Security.Cryptography.ProtectedData (8.0)
    System.Threading.Channels (8.0)
    System.Threading.Tasks.Extensions (4.5.4)
    Tomlyn (0.17)
