STORAGE: NONE
RESTRICTION: == net8.0
NUGET
  remote: https://api.nuget.org/v3/index.json
    Argu (6.1.1)
      FSharp.Core (>= 4.3.2)
      System.Configuration.ConfigurationManager (>= 4.4)
    Expecto (10.1)
      FSharp.Core (>= 7.0.200)
      Mono.Cecil (>= 0.11.4 < 1.0)
    Expecto.FsCheck (10.1.0-fscheck3)
      Expecto (>= 10.1)
      FsCheck (>= 3.0.0-beta2)
    Fable.Core (4.0)
    FsCheck (3.0.0-beta2)
      FSharp.Core (>= 4.5)
    FSharp.Control.AsyncSeq (3.2.1)
      FSharp.Core (>= 4.7.2)
      Microsoft.Bcl.AsyncInterfaces (>= 5.0)
    FSharp.Core (7.0.300)
    Microsoft.Bcl.AsyncInterfaces (7.0)
    Microsoft.Win32.SystemEvents (7.0)
    Mono.Cecil (0.11.5)
    Serilog (3.0.1)
    Serilog.Sinks.SpectreConsole (0.3.3)
      FSharp.Core (>= 6.0.5)
      Serilog (>= 2.10)
      Spectre.Console (>= 0.45)
    Spectre.Console (0.47)
      System.Memory (>= 4.5.5)
    System.Configuration.ConfigurationManager (7.0)
      System.Diagnostics.EventLog (>= 7.0)
      System.Security.Cryptography.ProtectedData (>= 7.0)
      System.Security.Permissions (>= 7.0)
    System.Diagnostics.EventLog (7.0)
    System.Drawing.Common (7.0)
      Microsoft.Win32.SystemEvents (>= 7.0)
    System.Memory (4.5.5)
    System.Reactive (6.0.1-preview.1)
    System.Reactive.Linq (6.0.1-preview.1)
      System.Reactive (>= 6.0.1-preview.1)
      System.Threading.Tasks.Extensions (>= 4.5.4)
    System.Security.Cryptography.ProtectedData (7.0.1)
    System.Security.Permissions (7.0)
      System.Windows.Extensions (>= 7.0)
    System.Threading.Tasks.Extensions (4.5.4)
    System.Windows.Extensions (7.0)
      System.Drawing.Common (>= 7.0)
